GEM
  specs:
    coderay (1.1.2)
    method_source (0.8.2)
    pry (0.10.4)
      coderay (~> 1.1.0)
      method_source (~> 0.8.1)
      slop (~> 3.4)
    slop (3.6.0)
    thor (0.20.0)

PLATFORMS
  ruby

DEPENDENCIES
  pry
  thor

RUBY VERSION
   ruby 2.4.2p198

BUNDLED WITH
   1.15.4
